GEM
  remote: https://rubygems.org/
  specs:
    mini_portile (0.5.2)
    nokogiri (1.6.1)
      mini_portile (~> 0.5.0)
    tty_slides (0.0.3)
      nokogiri

PLATFORMS
  ruby

DEPENDENCIES
  tty_slides
